GEM
  remote: https://rubygems.org/
  specs:
    date (3.4.1)
    diff-lcs (1.5.1)
    docile (1.4.1)
    psych (5.2.2)
      date
      stringio
    rake (13.2.1)
    rdoc (6.10.0)
      psych (>= 4.0.0)
    redcarpet (3.6.0)
    rspec (3.13.0)
      rspec-core (~> 3.13.0)
      rspec-expectations (~> 3.13.0)
      rspec-mocks (~> 3.13.0)
    rspec-core (3.13.2)
      rspec-support (~> 3.13.0)
    rspec-expectations (3.13.3)
      diff-lcs (>= 1.2.0, < 2.0)
      rspec-support (~> 3.13.0)
    rspec-mocks (3.13.2)
      diff-lcs (>= 1.2.0, < 2.0)
      rspec-support (~> 3.13.0)
    rspec-support (3.13.2)
    simplecov (0.22.0)
      docile (~> 1.1)
      simplecov-html (~> 0.11)
      simplecov_json_formatter (~> 0.1)
    simplecov-html (0.13.1)
    simplecov_json_formatter (0.1.4)
    stringio (3.1.2)
    syntax (1.2.2)

PLATFORMS
  ruby

DEPENDENCIES
  rake
  rdoc
  redcarpet
  rspec
  simplecov
  syntax

BUNDLED WITH
   2.3.7
